GEM
  specs:
    concurrent-ruby (1.3.5)
    faker (3.5.2)
      i18n (>= 1.8.11, < 2)
    i18n (1.14.7)
      concurrent-ruby (~> 1.0)
    rake (13.2.1)

PLATFORMS
  arm64-darwin-23
  ruby

DEPENDENCIES
  faker
  rake

BUNDLED WITH
   2.6.2
